GIT
  remote: git://github.com/middleman/middleman.git
  revision: c474e2b410e23eec59d070f772fb2cbee1f7e4fa
  branch: master
  specs:
    middleman (3.1.0.beta.3)
      middleman-core (= 3.1.0.beta.3)
      middleman-more (= 3.1.0.beta.3)
      middleman-sprockets (>= 3.0.10)
    middleman-core (3.1.0.beta.3)
      activesupport (~> 3.2.6)
      bundler (~> 1.1)
      listen (~> 1.0.2)
      rack (>= 1.4.5)
      rack-test (~> 0.6.1)
      thor (~> 0.15.2)
      tilt (~> 1.3.6)
    middleman-more (3.1.0.beta.3)
      coffee-script (~> 2.2.0)
      compass (>= 0.12.2)
      execjs (~> 1.4.0)
      haml (>= 3.1.6)
      i18n (~> 0.6.1)
      kramdown (~> 1.0.0)
      middleman-core (= 3.1.0.beta.3)
      padrino-helpers (= 0.10.7)
      sass (>= 3.1.20)
      uglifier (~> 2.0.1)

GEM
  remote: http://rubygems.org/
  specs:
    activesupport (3.2.12)
      i18n (~> 0.6)
      multi_json (~> 1.0)
    awesome_print (1.1.0)
    chunky_png (1.2.8)
    coffee-script (2.2.0)
      coffee-script-source
      execjs
    coffee-script-source (1.6.2)
    compass (0.12.2)
      chunky_png (~> 1.2)
      fssm (>= 0.2.7)
      sass (~> 3.1)
    execjs (1.4.0)
      multi_json (~> 1.0)
    ffi (1.8.1)
    fssm (0.2.10)
    haml (4.0.2)
      tilt
    hike (1.2.2)
    http_router (0.10.2)
      rack (>= 1.0.0)
      url_mount (~> 0.2.1)
    i18n (0.6.4)
    kramdown (1.0.1)
    listen (1.0.3)
      rb-fsevent (>= 0.9.3)
      rb-inotify (>= 0.9)
      rb-kqueue (>= 0.2)
    middleman-sprockets (3.1.0)
      middleman-more (>= 3.0.11)
      sprockets (~> 2.1)
      sprockets-sass (~> 1.0.0)
    multi_json (1.7.2)
    padrino-core (0.10.7)
      activesupport (~> 3.2.0)
      http_router (~> 0.10.2)
      sinatra (~> 1.3.1)
      thor (~> 0.15.2)
      tilt (~> 1.3.0)
    padrino-helpers (0.10.7)
      i18n (~> 0.6)
      padrino-core (= 0.10.7)
    rack (1.5.2)
    rack-protection (1.5.0)
      rack
    rack-test (0.6.2)
      rack (>= 1.0)
    rb-fsevent (0.9.3)
    rb-inotify (0.9.0)
      ffi (>= 0.5.0)
    rb-kqueue (0.2.0)
      ffi (>= 0.5.0)
    redcarpet (2.2.2)
    sass (3.2.8)
    sinatra (1.3.6)
      rack (~> 1.4)
      rack-protection (~> 1.3)
      tilt (~> 1.3, >= 1.3.3)
    sprockets (2.9.3)
      hike (~> 1.2)
      multi_json (~> 1.0)
      rack (~> 1.0)
      tilt (~> 1.1, != 1.3.0)
    sprockets-sass (1.0.0)
      sprockets (~> 2.0)
      tilt (~> 1.1)
    thor (0.15.4)
    tilt (1.3.7)
    uglifier (2.0.1)
      execjs (>= 0.3.0)
      multi_json (~> 1.0, >= 1.0.2)
    url_mount (0.2.1)
      rack

PLATFORMS
  ruby

DEPENDENCIES
  awesome_print
  middleman (~> 3.1.0.beta)!
  redcarpet (~> 2.2)
