GEM
  remote: http://rubygems.org/
  specs:
    chunky_png (1.2.5)
    colored (1.2)
    compass (0.11.7)
      chunky_png (~> 1.2)
      fssm (>= 0.2.7)
      sass (~> 3.1)
    cri (2.3.0)
      colored (>= 1.2)
    fssm (0.2.9)
    haml (3.1.6)
    mime-types (1.19)
    nanoc (3.4.0)
      cri (~> 2.2)
    rack (1.4.1)
    rdiscount (1.6.8)
    sass (3.1.20)

PLATFORMS
  ruby

DEPENDENCIES
  compass (= 0.11.7)
  haml
  mime-types
  nanoc
  rack
  rdiscount
